GEM
  remote: http://rubygems.org/
  specs:
    abstract (1.0.0)
    archive-tar-minitar (0.5.2)
    erubis (2.6.6)
      abstract (>= 1.0.0)
    facter (1.6.0)
    ffi (1.0.9)
    i18n (0.5.0)
    json (1.5.3)
    mario (0.0.6)
    net-scp (1.0.4)
      net-ssh (>= 1.99.1)
    net-ssh (2.1.4)
    puppet (2.7.1)
      facter (>= 1.5.1)
    thor (0.14.6)
    vagrant (0.7.2)
      archive-tar-minitar (= 0.5.2)
      erubis (~> 2.6.6)
      i18n (~> 0.5.0)
      json (~> 1.5.1)
      mario (~> 0.0.6)
      net-scp (~> 1.0.4)
      net-ssh (~> 2.1.0)
      thor (~> 0.14.6)
      virtualbox (~> 0.8.3)
    virtualbox (0.8.6)
      ffi (~> 1.0)

PLATFORMS
  ruby

DEPENDENCIES
  puppet
  vagrant (= 0.7.2)
